GEM
  remote: https://rubygems.org/
  specs:
    cane (2.6.0)
      parallel
    minitest (5.0.8)
    parallel (0.8.3)
    rake (10.1.0)
    reek (1.3.3)
      ruby2ruby (~> 2.0.2)
      ruby_parser (~> 3.1, >= 3.1.1)
      sexp_processor
    ruby2ruby (2.0.6)
      ruby_parser (~> 3.1)
      sexp_processor (~> 4.0)
    ruby_parser (3.2.2)
      sexp_processor (~> 4.1)
    sexp_processor (4.3.0)

PLATFORMS
  ruby

DEPENDENCIES
  cane
  minitest
  rake
  reek
